PATH
  remote: .
  specs:
    relax4 (1.1.0)

PATH
  remote: ../gemma
  specs:
    gemma (2.0.0)
      bundler (~> 1.0.18)
      highline (~> 1.6.2)
      minitest (~> 2.5.1)
      rake (~> 0.9.2)
      rdoc (~> 3.9.4)
      yard (~> 0.7.2)

GEM
  remote: http://rubygems.org/
  specs:
    highline (1.6.2)
    minitest (2.5.1)
    rake (0.9.2)
    rdoc (3.9.4)
    yard (0.7.2)

PLATFORMS
  ruby

DEPENDENCIES
  gemma!
  relax4!
