PATH
  remote: .
  specs:
    relax4 (1.2.0)

GEM
  remote: http://rubygems.org/
  specs:
    gemma (3.0.0)
      highline (~> 1.6.15)
      minitest (~> 4.3.3)
      rake (~> 10.0.3)
      rdoc (~> 3.12.0)
      yard (~> 0.8.3)
    highline (1.6.20)
    json (1.8.1)
    minitest (4.3.3)
    rake (10.0.4)
    rdoc (3.12.2)
      json (~> 1.4)
    yard (0.8.7.3)

PLATFORMS
  ruby

DEPENDENCIES
  gemma (~> 3.0.0)
  relax4!
